GEM
  remote: https://rubygems.org/
  specs:
    CFPropertyList (3.0.5)
      rexml
    ast (2.4.2)
    atomos (0.1.3)
    claide (1.1.0)
    colored2 (3.1.2)
    json (2.6.3)
    minitest (5.18.0)
    nanaimo (0.3.0)
    parallel (1.22.1)
    parser (3.2.2.0)
      ast (~> 2.4.1)
    rainbow (3.1.1)
    regexp_parser (2.7.0)
    rexml (3.2.5)
    rubocop (1.50.0)
      json (~> 2.3)
      parallel (~> 1.10)
      parser (>= 3.2.0.0)
      rainbow (>= 2.2.2, < 4.0)
      regexp_parser (>= 1.8, < 3.0)
      rexml (>= 3.2.5, < 4.0)
      rubocop-ast (>= 1.28.0, < 2.0)
      ruby-progressbar (~> 1.7)
      unicode-display_width (>= 2.4.0, < 3.0)
    rubocop-ast (1.28.0)
      parser (>= 3.2.1.0)
    rubocop-minitest (0.30.0)
      rubocop (>= 1.39, < 2.0)
    ruby-progressbar (1.13.0)
    unicode-display_width (2.4.2)
    xcodeproj (1.22.0)
      CFPropertyList (>= 2.3.3, < 4.0)
      atomos (~> 0.1.3)
      claide (>= 1.0.2, < 2.0)
      colored2 (~> 3.1)
      nanaimo (~> 0.3.0)
      rexml (~> 3.2.4)

PLATFORMS
  ruby

DEPENDENCIES
  minitest
  rubocop
  rubocop-minitest
  xcodeproj

BUNDLED WITH
   2.3.11
