GEM
  specs:

GEM
  remote: https://rubygems.org/
  specs:
    ast (2.4.2)
    minitest (5.14.4)
    parallel (1.20.1)
    parser (3.0.1.1)
      ast (~> 2.4.1)
    rainbow (3.0.0)
    regexp_parser (2.1.1)
    rexml (3.2.5)
    rubocop (1.18.2)
      parallel (~> 1.10)
      parser (>= 3.0.0.0)
      rainbow (>= 2.2.2, < 4.0)
      regexp_parser (>= 1.8, < 3.0)
      rexml
      rubocop-ast (>= 1.7.0, < 2.0)
      ruby-progressbar (~> 1.7)
      unicode-display_width (>= 1.4.0, < 3.0)
    rubocop-ast (1.7.0)
      parser (>= 3.0.1.1)
    rubocop-minitest (0.13.0)
      rubocop (>= 0.90, < 2.0)
    ruby-progressbar (1.11.0)
    unicode-display_width (2.0.0)

PLATFORMS
  ruby

DEPENDENCIES
  minitest!
  rubocop!
  rubocop-minitest!

BUNDLED WITH
   2.2.15
